GEM
  remote: https://rubygems.org/
  specs:
    crass (1.0.2)
    diff-lcs (1.1.3)
    haml (4.0.3)
      tilt
    mini_portile2 (2.1.0)
    nokogiri (1.6.8.1)
      mini_portile2 (~> 2.1.0)
    nokogumbo (1.4.7)
      nokogiri
    rspec-core (2.12.2)
    rspec-expectations (2.12.0)
      diff-lcs (~> 1.1.3)
    rspec-mocks (2.12.2)
    sanitize (4.0.1)
      crass (~> 1.0.2)
      nokogiri (>= 1.4.4)
      nokogumbo (~> 1.4.1)
    tilt (1.4.1)

PLATFORMS
  ruby

DEPENDENCIES
  haml (= 4.0.3)
  rspec-core (= 2.12.2)
  rspec-expectations (= 2.12)
  rspec-mocks (= 2.12.2)
  sanitize

RUBY VERSION
   ruby 2.1.10p492

BUNDLED WITH
   1.13.6
